PATH
  remote: .
  specs:
    push-notification-firebase (1.0.0)

GEM
  remote: https://rubygems.org/
  specs:
    jwt (2.7.1)
    openssl (3.1.0)
    rake (13.0.6)
    yaml (0.2.1)

PLATFORMS
  arm64-darwin-22
  x86_64-linux

DEPENDENCIES
  jwt
  openssl (~> 3.0)
  push-notification-firebase!
  rake (~> 13.0)
  yaml (~> 0.2.1)

BUNDLED WITH
   2.4.18
