PATH
  remote: .
  specs:
    push-notification-firebase (1.0.0)

GEM
  remote: https://rubygems.org/
  specs:
    base64 (0.2.0)
    jwt (2.10.0)
      base64
    openssl (3.3.0)
    rake (13.2.1)
    yaml (0.4.0)

PLATFORMS
  arm64-darwin-22
  x86_64-linux

DEPENDENCIES
  jwt
  openssl (~> 3.0)
  push-notification-firebase!
  rake (~> 13.0)
  yaml (~> 0.4.0)

BUNDLED WITH
   2.4.18
