PATH
  remote: .
  specs:
    push-notification-firebase (0.0.3)

GEM
  remote: https://rubygems.org/
  specs:
    ipaddr (1.2.5)
    jwt (2.7.1)
    openssl (2.2.1)
      ipaddr
    rake (12.3.3)
    yaml (0.2.1)

PLATFORMS
  arm64-darwin-22

DEPENDENCIES
  jwt
  openssl (~> 2.2)
  push-notification-firebase!
  rake (~> 12.0)
  yaml (~> 0.2.1)

BUNDLED WITH
   2.4.18
